GEM
  remote: http://rubygems.org/
  specs:
    bourbon (4.2.3)
      sass (~> 3.4)
      thor
    neat (1.7.2)
      bourbon (>= 4.0)
      sass (>= 3.3)
    sass (3.4.14)
    thor (0.19.1)

PLATFORMS
  ruby

DEPENDENCIES
  bourbon (~> 4.2.3)
  neat (~> 1.7.2)
  sass (~> 3.4.14)
